GEM
  remote: http://rubygems.org/
  specs:
    httparty (0.13.3)
      json (~> 1.8)
      multi_xml (>= 0.5.2)
    json (1.8.1)
    multi_xml (0.5.5)
    sqlite3 (1.3.10)

PLATFORMS
  ruby

DEPENDENCIES
  httparty
  json
  sqlite3
